GEM
  remote: https://rubygems.org/
  specs:
    nokogiri (1.12.5-x86_64-darwin)
      racc (~> 1.4)
    racc (1.5.2)
    roo (2.8.3)
      nokogiri (~> 1)
      rubyzip (>= 1.3.0, < 3.0.0)
    roo-xls (1.2.0)
      nokogiri
      roo (>= 2.0.0, < 3)
      spreadsheet (> 0.9.0)
    ruby-ole (1.2.12.2)
    rubyzip (2.3.2)
    spreadsheet (1.3.0)
      ruby-ole

PLATFORMS
  x86_64-darwin-19

DEPENDENCIES
  roo
  roo-xls

BUNDLED WITH
   2.2.3
