GEM
  remote: https://rubygems.org/
  specs:
    ast (2.4.2)
    nokogiri (1.12.5-x86_64-darwin)
      racc (~> 1.4)
    parallel (1.21.0)
    parser (3.1.0.0)
      ast (~> 2.4.1)
    racc (1.5.2)
    rainbow (3.1.1)
    regexp_parser (2.2.0)
    rexml (3.2.5)
    roo (2.8.3)
      nokogiri (~> 1)
      rubyzip (>= 1.3.0, < 3.0.0)
    roo-xls (1.2.0)
      nokogiri
      roo (>= 2.0.0, < 3)
      spreadsheet (> 0.9.0)
    rubocop (1.25.1)
      parallel (~> 1.10)
      parser (>= 3.1.0.0)
      rainbow (>= 2.2.2, < 4.0)
      regexp_parser (>= 1.8, < 3.0)
      rexml
      rubocop-ast (>= 1.15.1, < 2.0)
      ruby-progressbar (~> 1.7)
      unicode-display_width (>= 1.4.0, < 3.0)
    rubocop-ast (1.15.1)
      parser (>= 3.0.1.1)
    ruby-ole (1.2.12.2)
    ruby-progressbar (1.11.0)
    rubyzip (2.3.2)
    spreadsheet (1.3.0)
      ruby-ole
    unicode-display_width (2.1.0)

PLATFORMS
  x86_64-darwin-19

DEPENDENCIES
  roo
  roo-xls
  rubocop

BUNDLED WITH
   2.2.3
